GIT
  remote: git://github.com/notonthehighstreet/holidays.git
  revision: 9bee23aef0a870b184cd0a25d10903c142f96137
  ref: 9bee23aef0a870b184cd0a25d10903c142f96137
  specs:
    notonthehighstreet-holidays (1.0.6)

PATH
  remote: .
  specs:
    uk_working_days (1.0.2)
      activesupport (>= 3)

GEM
  remote: https://rubygems.org/
  specs:
    activesupport (4.0.0)
      i18n (~> 0.6, >= 0.6.4)
      minitest (~> 4.2)
      multi_json (~> 1.3)
      thread_safe (~> 0.1)
      tzinfo (~> 0.3.37)
    atomic (1.1.13)
    i18n (0.6.5)
    minitest (4.7.5)
    multi_json (1.7.9)
    shoulda (3.5.0)
      shoulda-context (~> 1.0, >= 1.0.1)
      shoulda-matchers (>= 1.4.1, < 3.0)
    shoulda-context (1.1.5)
    shoulda-matchers (2.3.0)
      activesupport (>= 3.0.0)
    thread_safe (0.1.2)
      atomic
    tzinfo (0.3.37)

PLATFORMS
  ruby

DEPENDENCIES
  notonthehighstreet-holidays!
  shoulda
  uk_working_days!
